GEM
  remote: https://rubygems.org/
  specs:
    commander (4.3.5)
      highline (~> 1.7.2)
    deep_merge (1.0.1)
    highline (1.7.8)
    json (1.8.3)
    little-plugger (1.1.4)
    logging (2.0.0)
      little-plugger (~> 1.1)
      multi_json (~> 1.10)
    multi_json (1.11.2)
    ox (2.2.3)
    rack (1.6.4)
    redcarpet (3.3.4)
    sass (3.4.20)
    slim (3.0.6)
      temple (~> 0.7.3)
      tilt (>= 1.3.3, < 2.1)
    temple (0.7.6)
    tilt (2.0.1)
    usmu (1.4.2)
      commander (~> 4.2)
      deep_merge (~> 1.0)
      json (~> 1.8)
      logging (~> 2.0)
      rack (~> 1.6)
      redcarpet (~> 3.3)
      slim (~> 3.0)
      tilt (~> 2.0)
    usmu-sitemap (1.0.0)
      logging (~> 2.0)
      ox (~> 2.2)
      usmu (~> 1.2)

PLATFORMS
  x64-mingw32

DEPENDENCIES
  sass (~> 3.4)
  usmu
  usmu-sitemap

BUNDLED WITH
   1.11.2
