GEM
  remote: https://rubygems.org/
  specs:
    bourbon (4.2.7)
      sass (~> 3.4)
      thor (~> 0.19)
    coffee-script (2.4.1)
      coffee-script-source
      execjs
    coffee-script-source (1.10.0)
    commander (4.4.0)
      highline (~> 1.7.2)
    deep_merge (1.0.1)
    execjs (2.6.0)
    highline (1.7.8)
    json (1.8.3)
    little-plugger (1.1.4)
    logging (2.1.0)
      little-plugger (~> 1.1)
      multi_json (~> 1.10)
    multi_json (1.11.3)
    neat (1.7.4)
      bourbon (>= 4.0)
      sass (>= 3.3)
    ox (2.4.0)
    rack (1.6.4)
    redcarpet (3.3.4)
    sass (3.4.22)
    slim (3.0.6)
      temple (~> 0.7.3)
      tilt (>= 1.3.3, < 2.1)
    temple (0.7.6)
    thor (0.19.1)
    tilt (2.0.2)
    usmu (1.4.4)
      commander (~> 4.2)
      deep_merge (~> 1.0)
      json (~> 1.8)
      logging (~> 2.0)
      rack (~> 1.6)
      redcarpet (~> 3.3)
      slim (~> 3.0)
      tilt (~> 2.0)
    usmu-github-pages (1.0.1)
      logging (~> 2.0)
      usmu (~> 1.4, >= 1.4.3)
    usmu-sitemap (1.0.0)
      logging (~> 2.0)
      ox (~> 2.2)
      usmu (~> 1.2)

PLATFORMS
  ruby
  x64-mingw32

DEPENDENCIES
  bourbon (= 4.2.7)
  coffee-script (~> 2.4)
  neat (= 1.7.4)
  sass (~> 3.4)
  usmu (~> 1.4, >= 1.4.4)
  usmu-github-pages
  usmu-sitemap

BUNDLED WITH
   1.11.2
